PATH
  remote: .
  specs:
    lemonsqueezy (1.1.0)
      faraday (~> 2.0)

GEM
  remote: https://rubygems.org/
  specs:
    base64 (0.2.0)
    dotenv (2.8.1)
    faraday (2.12.2)
      faraday-net_http (>= 2.0, < 3.5)
      json
      logger
    faraday-net_http (3.4.0)
      net-http (>= 0.5.0)
    json (2.10.2)
    logger (1.6.6)
    minitest (5.20.0)
    mutex_m (0.3.0)
    net-http (0.6.0)
      uri
    rake (13.1.0)
    uri (1.0.3)
    vcr (6.2.0)

PLATFORMS
  x86_64-linux

DEPENDENCIES
  base64
  dotenv
  lemonsqueezy!
  minitest (~> 5.0)
  mutex_m
  rake (~> 13.0)
  vcr

BUNDLED WITH
   2.3.22
