PATH
  remote: .
  specs:
    lemonsqueezy (1.0.1)
      faraday (~> 2.0)

GEM
  remote: https://rubygems.org/
  specs:
    dotenv (2.8.1)
    faraday (2.9.0)
      faraday-net_http (>= 2.0, < 3.2)
    faraday-net_http (3.1.0)
      net-http
    minitest (5.20.0)
    mutex_m (0.3.0)
    net-http (0.4.1)
      uri
    rake (13.1.0)
    uri (1.0.3)
    vcr (6.2.0)

PLATFORMS
  x86_64-linux

DEPENDENCIES
  dotenv
  lemonsqueezy!
  minitest (~> 5.0)
  mutex_m
  rake (~> 13.0)
  vcr

BUNDLED WITH
   2.3.22
